GEM
  remote: https://rubygems.org/
  specs:
    addressable (2.8.0)
      public_suffix (>= 2.0.2, < 5.0)
    clamp (1.3.2)
    coderay (1.1.3)
    faraday (0.17.5)
      multipart-post (>= 1.2, < 3)
    ffi (1.15.5-java)
    method_source (1.0.0)
    multipart-post (2.1.1)
    octokit (4.21.0)
      faraday (>= 0.9)
      sawyer (~> 0.8.0, >= 0.5.3)
    pmap (1.1.1)
    pry (0.14.1-java)
      coderay (~> 1.1)
      method_source (~> 1.0)
      spoon (~> 0.0)
    public_suffix (4.0.6)
    sawyer (0.8.2)
      addressable (>= 2.3.5)
      faraday (> 0.8, < 2.0)
    spoon (0.0.6)
      ffi
    stud (0.0.23)

PLATFORMS
  universal-java-17

DEPENDENCIES
  clamp
  faraday (~> 0.9)
  octokit (~> 4, <= 4.21.0)
  pmap
  pry
  stud

BUNDLED WITH
   2.3.9
